PATH
  remote: /usr/src/rvm
  specs:
    rvm (1.6.5)

GEM
  remote: http://rubygems.org/
  specs:
    abstract (1.0.0)
    archive-tar-minitar (0.5.2)
    builder (3.0.0)
    bunny (0.6.0)
    chef (0.10.0)
      bunny (>= 0.6.0)
      erubis
      highline
      json (<= 1.5.2, >= 1.4.4)
      mixlib-authentication (>= 1.1.0)
      mixlib-cli (>= 1.1.0)
      mixlib-config (>= 1.1.2)
      mixlib-log (>= 1.3.0)
      moneta
      net-ssh (~> 2.1.3)
      net-ssh-multi (~> 1.0.1)
      ohai (>= 0.6.0)
      rest-client (< 1.7.0, >= 1.0.4)
      treetop (~> 1.4.9)
      uuidtools
    childprocess (0.1.9)
      ffi (~> 1.0.6)
    cucumber (0.10.3)
      builder (>= 2.1.2)
      diff-lcs (>= 1.1.2)
      gherkin (>= 2.3.8)
      json (>= 1.4.6)
      term-ansicolor (>= 1.0.5)
    diff-lcs (1.1.2)
    erubis (2.6.6)
      abstract (>= 1.0.0)
    fakefs (0.3.2)
    ffi (1.0.9)
    gherkin (2.3.9)
      json (>= 1.4.6)
    git (1.2.5)
    grit (2.4.1)
      diff-lcs (~> 1.1)
      mime-types (~> 1.15)
    highline (1.6.2)
    i18n (0.5.0)
    jeweler (1.5.2)
      bundler (~> 1.0.0)
      git (>= 1.2.5)
      rake
    json (1.5.1)
    mario (0.0.6)
    mime-types (1.16)
    mixlib-authentication (1.1.4)
      mixlib-log
    mixlib-cli (1.2.0)
    mixlib-config (1.1.2)
    mixlib-log (1.3.0)
    moneta (0.6.0)
    net-scp (1.0.4)
      net-ssh (>= 1.99.1)
    net-ssh (2.1.4)
    net-ssh-gateway (1.1.0)
      net-ssh (>= 1.99.1)
    net-ssh-multi (1.0.1)
      net-ssh (>= 1.99.2)
      net-ssh-gateway (>= 0.99.0)
    ohai (0.6.4)
      mixlib-cli
      mixlib-config
      mixlib-log
      systemu
      yajl-ruby
    open4 (1.0.1)
    polyglot (0.3.1)
    rake (0.9.0)
    rcov (0.9.9)
    reek (1.2.8)
      ruby2ruby (~> 1.2)
      ruby_parser (~> 2.0)
      sexp_processor (~> 3.0)
    rest-client (1.6.1)
      mime-types (>= 1.16)
    roodi (2.1.0)
      ruby_parser
    rr (1.0.2)
    rspec (2.6.0)
      rspec-core (~> 2.6.0)
      rspec-expectations (~> 2.6.0)
      rspec-mocks (~> 2.6.0)
    rspec-core (2.6.3)
    rspec-expectations (2.6.0)
      diff-lcs (~> 1.1.2)
    rspec-mocks (2.6.0)
    ruby2ruby (1.2.5)
      ruby_parser (~> 2.0)
      sexp_processor (~> 3.0)
    ruby_parser (2.0.6)
      sexp_processor (~> 3.0)
    sexp_processor (3.0.5)
    systemu (2.2.0)
    term-ansicolor (1.0.5)
    thor (0.14.6)
    treetop (1.4.9)
      polyglot (>= 0.3.1)
    uuidtools (2.1.2)
    vagrant (0.7.5)
      archive-tar-minitar (= 0.5.2)
      erubis (~> 2.6.6)
      i18n (~> 0.5.0)
      json (~> 1.5.1)
      mario (~> 0.0.6)
      net-scp (~> 1.0.4)
      net-ssh (~> 2.1.0)
      thor (~> 0.14.6)
      virtualbox (~> 0.8.3)
    virtualbox (0.8.6)
      ffi (~> 1.0)
    yajl-ruby (0.8.2)
    yard (0.6.8)

PLATFORMS
  ruby

DEPENDENCIES
  bundler (~> 1.0.11)
  chef (~> 0.10.0)
  childprocess (>= 0.1.7)
  cucumber
  fakefs (~> 0.3.1)
  grit (~> 2.4.1)
  jeweler (~> 1.5.2)
  open4
  rcov
  reek (~> 1.2.8)
  roodi (~> 2.1.0)
  rr (~> 1.0.2)
  rspec (>= 2.5.0)
  rvm (~> 1.6.5)!
  vagrant (~> 0.7.2)
  yard (~> 0.6.0)
